GEM
  remote: https://rubygems.org/
  specs:
    builder (3.2.3)
    faraday (0.15.4)
      multipart-post (>= 1.2, < 3)
    faraday_middleware (0.13.1)
      faraday (>= 0.7.4, < 1.0)
    multipart-post (2.0.0)
    oai (0.4.0)
      builder (>= 3.1.0)
      faraday
      faraday_middleware

PLATFORMS
  ruby

DEPENDENCIES
  oai

BUNDLED WITH
   1.16.1
